PATH
  remote: .
  specs:
    calamum (1.0.0)
      activemodel
      mixlib-cli
      mixlib-config

GEM
  remote: https://rubygems.org/
  specs:
    activemodel (3.0.17)
      activesupport (= 3.0.17)
      builder (~> 2.1.2)
      i18n (~> 0.5.0)
    activesupport (3.0.17)
    builder (2.1.2)
    coderay (1.0.8)
    diff-lcs (1.1.3)
    i18n (0.5.0)
    method_source (0.8.1)
    mixlib-cli (1.3.0)
    mixlib-config (1.1.2)
    pry (0.9.12)
      coderay (~> 1.0.5)
      method_source (~> 0.8)
      slop (~> 3.4)
    rspec (2.12.0)
      rspec-core (~> 2.12.0)
      rspec-expectations (~> 2.12.0)
      rspec-mocks (~> 2.12.0)
    rspec-core (2.12.2)
    rspec-expectations (2.12.1)
      diff-lcs (~> 1.1.3)
    rspec-mocks (2.12.1)
    slop (3.4.3)

PLATFORMS
  ruby

DEPENDENCIES
  calamum!
  pry
  rspec
